GEM
  remote: https://rubygems.org/
  specs:
    activemodel (4.2.5)
      activesupport (= 4.2.5)
      builder (~> 3.1)
    activerecord (4.2.5)
      activemodel (= 4.2.5)
      activesupport (= 4.2.5)
      arel (~> 6.0)
    activesupport (4.2.5)
      i18n (~> 0.7)
      json (~> 1.7, >= 1.7.7)
      minitest (~> 5.1)
      thread_safe (~> 0.3, >= 0.3.4)
      tzinfo (~> 1.1)
<<<<<<< HEAD
    addressable (2.6.0)
=======
    addressable (2.5.2)
>>>>>>> e9650019e7f70f3903ca4540496aaf89331332e9
      public_suffix (>= 2.0.2, < 4.0)
    arel (6.0.4)
    bond (0.5.1)
    builder (3.2.3)
<<<<<<< HEAD
    capybara (3.13.2)
=======
    capybara (2.18.0)
>>>>>>> e9650019e7f70f3903ca4540496aaf89331332e9
      addressable
      mini_mime (>= 0.1.3)
      nokogiri (~> 1.8)
      rack (>= 1.6.0)
      rack-test (>= 0.6.3)
      regexp_parser (~> 1.2)
      xpath (~> 3.2)
    coderay (1.1.2)
    concurrent-ruby (1.1.4)
<<<<<<< HEAD
    daemons (1.3.1)
    diff-lcs (1.3)
    eventmachine (1.2.7)
    i18n (0.9.5)
      concurrent-ruby (~> 1.0)
    json (1.8.6)
    method_source (0.9.2)
    mini_mime (1.0.1)
    mini_portile2 (2.4.0)
    minitest (5.11.3)
    mustermann (1.0.3)
    nokogiri (1.10.1)
      mini_portile2 (~> 2.4.0)
    pry (0.12.2)
=======
    daemons (1.2.6)
    diff-lcs (1.3)
    eventmachine (1.2.5)
    i18n (0.9.5)
      concurrent-ruby (~> 1.0)
    json (1.8.6)
    method_source (0.9.0)
    mini_mime (1.0.0)
    mini_portile2 (2.3.0)
    minitest (5.11.3)
    mustermann (1.0.2)
    nokogiri (1.8.2)
      mini_portile2 (~> 2.3.0)
    pry (0.11.3)
>>>>>>> e9650019e7f70f3903ca4540496aaf89331332e9
      coderay (~> 1.1.0)
      method_source (~> 0.9.0)
    public_suffix (3.0.3)
    rack (2.0.6)
    rack-protection (2.0.5)
      rack
    rack-test (1.1.0)
      rack (>= 1.0, < 3)
    rake (12.3.2)
<<<<<<< HEAD
    regexp_parser (1.3.0)
=======
>>>>>>> e9650019e7f70f3903ca4540496aaf89331332e9
    require_all (2.0.0)
    ripl (0.7.1)
      bond (~> 0.5.1)
    ripl-multi_line (0.3.1)
      ripl (>= 0.3.6)
    ripl-rack (0.2.0)
      rack (>= 1.0)
      rack-test (>= 0.5)
      ripl (>= 0.3.5)
<<<<<<< HEAD
    rspec (3.8.0)
      rspec-core (~> 3.8.0)
      rspec-expectations (~> 3.8.0)
      rspec-mocks (~> 3.8.0)
    rspec-core (3.8.0)
      rspec-support (~> 3.8.0)
    rspec-expectations (3.8.2)
=======
    rspec (3.7.0)
      rspec-core (~> 3.7.0)
      rspec-expectations (~> 3.7.0)
      rspec-mocks (~> 3.7.0)
    rspec-core (3.7.1)
      rspec-support (~> 3.7.0)
    rspec-expectations (3.7.0)
>>>>>>> e9650019e7f70f3903ca4540496aaf89331332e9
      diff-lcs (>= 1.2.0, < 2.0)
      rspec-support (~> 3.8.0)
    rspec-mocks (3.8.0)
      diff-lcs (>= 1.2.0, < 2.0)
      rspec-support (~> 3.8.0)
    rspec-support (3.8.0)
    shotgun (0.9.2)
      rack (>= 1.0)
    sinatra (2.0.5)
      mustermann (~> 1.0)
      rack (~> 2.0)
      rack-protection (= 2.0.5)
      tilt (~> 2.0)
    sinatra-activerecord (2.0.13)
      activerecord (>= 3.2)
      sinatra (>= 1.0)
<<<<<<< HEAD
    sqlite3 (1.3.13)
=======
    sqlite3 (1.4.0)
>>>>>>> e9650019e7f70f3903ca4540496aaf89331332e9
    thin (1.7.2)
      daemons (~> 1.0, >= 1.0.9)
      eventmachine (~> 1.0, >= 1.0.4)
      rack (>= 1, < 3)
    thread_safe (0.3.6)
<<<<<<< HEAD
    tilt (2.0.9)
=======
    tilt (2.0.8)
>>>>>>> e9650019e7f70f3903ca4540496aaf89331332e9
    tux (0.3.0)
      ripl (>= 0.3.5)
      ripl-multi_line (>= 0.2.4)
      ripl-rack (>= 0.2.0)
      sinatra (>= 1.2.1)
    tzinfo (1.2.5)
      thread_safe (~> 0.1)
<<<<<<< HEAD
    xpath (3.2.0)
=======
    xpath (3.0.0)
>>>>>>> e9650019e7f70f3903ca4540496aaf89331332e9
      nokogiri (~> 1.8)

PLATFORMS
  ruby

DEPENDENCIES
  activerecord (= 4.2.5)
  capybara
  pry
  rack-test
  rake
  require_all
  rspec
  shotgun
  sinatra
  sinatra-activerecord
<<<<<<< HEAD
  sqlite3 (~> 1.3.6)
=======
  sqlite3
>>>>>>> e9650019e7f70f3903ca4540496aaf89331332e9
  thin
  tux

BUNDLED WITH
<<<<<<< HEAD
   2.0.1
=======
   1.17.3
>>>>>>> e9650019e7f70f3903ca4540496aaf89331332e9
